GEM
  remote: https://rubygems.org/
  specs:
    benchmark_driver (0.14.13)

PLATFORMS
  ruby

DEPENDENCIES
  benchmark_driver

RUBY VERSION
   ruby 2.6.1p33

BUNDLED WITH
   2.0.1
